GEM
  remote: https://rubygems.org/
  specs:
    thread (0.2.2)

PLATFORMS
  ruby

DEPENDENCIES
  thread (= 0.2.2)

BUNDLED WITH
   1.11.2
